PATH
  remote: .
  specs:
    gameday_api (0.2.7)

GEM
  remote: https://rubygems.org/
  specs:
    require_all (1.3.2)

PLATFORMS
  ruby

DEPENDENCIES
  gameday_api!
  require_all
